PATH
  remote: .
  specs:
    suzuki-navi-calendar (0.1.0)
      holiday_japan

GEM
  remote: https://rubygems.org/
  specs:
    holiday_japan (1.4.4)

PLATFORMS
  x86_64-linux

DEPENDENCIES
  suzuki-navi-calendar!

BUNDLED WITH
   2.2.4
