PATH
  remote: .
  specs:
    suzuki-navi-calendar (0.1.0)

GEM
  remote: https://rubygems.org/
  specs:
    holiday_japan (1.4.4)

PLATFORMS
  x86_64-linux

DEPENDENCIES
  holiday_japan
  suzuki-navi-calendar!

BUNDLED WITH
   2.2.4
