PATH
  remote: .
  specs:
    suzuki-navi-calendar (0.1.0)

GEM
  remote: https://rubygems.org/
  specs:
    rake (13.0.3)

PLATFORMS
  x86_64-linux

DEPENDENCIES
  rake (~> 13.0)
  suzuki-navi-calendar!

BUNDLED WITH
   2.2.4
